GIT
  remote: https://github.com/irrationalfab/PrettyBacon.git
  revision: 1eeb06f7d381acd65414b86b42fdf3538faae01c
  branch: master
  specs:
    prettybacon (0.0.2)
      bacon (~> 1.2)

GEM
  remote: https://rubygems.org/
  specs:
    addressable (2.5.0)
      public_suffix (~> 2.0, >= 2.0.2)
    aggregate (0.2.2)
    arel (5.0.1.20140414130214)
    bacon (1.2.0)
    connection_pool (2.2.1)
    daemons (1.2.4)
    data_objects (0.10.17)
      addressable (~> 2.1)
    dm-core (1.2.1)
      addressable (~> 2.3)
    dm-do-adapter (1.2.0)
      data_objects (~> 0.10.6)
      dm-core (~> 1.2.0)
    dm-postgres-adapter (1.2.0)
      dm-do-adapter (~> 1.2.0)
      do_postgres (~> 0.10.6)
    do_postgres (0.10.17)
      data_objects (= 0.10.17)
    eventmachine (1.2.1)
    ffi (1.9.14)
    flounder (1.0.1)
      aggregate (~> 0.2, >= 0.2.2)
      arel (~> 5, > 5.0.1)
      connection_pool (~> 2)
      pg (~> 0.17)
      pg-hstore (~> 1.2, >= 1.2.0)
    foreman (0.82.0)
      thor (~> 0.19.1)
    kicker (3.0.0)
      listen (~> 1.3.0)
      notify (~> 0.5.2)
    listen (1.3.1)
      rb-fsevent (>= 0.9.3)
      rb-inotify (>= 0.9)
      rb-kqueue (>= 0.2)
    notify (0.5.2)
    pg (0.19.0)
    pg-hstore (1.2.0)
    proxies (0.2.1)
    public_suffix (2.0.4)
    rack (1.6.5)
    rack-protection (1.5.3)
      rack
    rake (11.3.0)
    rb-fsevent (0.9.8)
    rb-inotify (0.9.7)
      ffi (>= 0.5.0)
    rb-kqueue (0.2.4)
      ffi (>= 0.5.0)
    s3 (0.3.25)
      proxies (~> 0.2.0)
    sequel (4.40.0)
    sinatra (1.4.7)
      rack (~> 1.5)
      rack-protection (~> 1.4)
      tilt (>= 1.3, < 3)
    terminal-table (1.7.3)
      unicode-display_width (~> 1.1.1)
    thin (1.7.0)
      daemons (~> 1.0, >= 1.0.9)
      eventmachine (~> 1.0, >= 1.0.4)
      rack (>= 1, < 3)
    thor (0.19.4)
    tilt (2.0.5)
    unicode-display_width (1.1.1)

PLATFORMS
  ruby

DEPENDENCIES
  bacon
  dm-core
  dm-do-adapter
  dm-postgres-adapter
  flounder
  foreman
  kicker
  pg
  prettybacon!
  rake
  s3
  sequel
  sinatra
  terminal-table
  thin

BUNDLED WITH
   1.13.6
