GIT
  remote: https://github.com/alloy/peiji-san.git
  revision: eca485d8dc95f12aaec1a434b49d295c7e91844b
  specs:
    peiji-san (1.2.0)

GEM
  remote: https://rubygems.org/
  specs:
    activesupport (4.2.7.1)
      i18n (~> 0.7)
      json (~> 1.7, >= 1.7.7)
      minitest (~> 5.1)
      thread_safe (~> 0.3, >= 0.3.4)
      tzinfo (~> 1.1)
    ast (2.3.0)
    astrolabe (1.3.1)
      parser (~> 2.2)
    backports (3.6.8)
    bacon (1.2.0)
    cocoapods-core (1.2.0.beta.1)
      activesupport (>= 4.0.2, < 5)
      fuzzy_match (~> 2.0.4)
      nap (~> 1.0)
    daemons (1.2.4)
    dalli (2.7.6)
    erubis (2.7.0)
    eventmachine (1.2.1)
    ffi (1.9.14)
    foreman (0.82.0)
      thor (~> 0.19.1)
    fuzzy_match (2.0.4)
    i18n (0.7.0)
    json (1.8.3)
    kicker (3.0.0)
      listen (~> 1.3.0)
      notify (~> 0.5.2)
    listen (1.3.1)
      rb-fsevent (>= 0.9.3)
      rb-inotify (>= 0.9)
      rb-kqueue (>= 0.2)
    mail (2.6.4)
      mime-types (>= 1.16, < 4)
    metaclass (0.0.4)
    mime-types (3.1)
      mime-types-data (~> 3.2015)
    mime-types-data (3.2016.0521)
    mini_portile2 (2.1.0)
    minitest (5.10.1)
    mocha (1.2.1)
      metaclass (~> 0.0.1)
    mocha-on-bacon (0.2.3)
      mocha (>= 0.13.0)
    multi_json (1.12.1)
    nap (1.1.0)
    newrelic_rpm (3.17.1.326)
    nokogiri (1.6.8.1)
      mini_portile2 (~> 2.1.0)
    notify (0.5.2)
    parser (2.3.3.1)
      ast (~> 2.2)
    pg (0.19.0)
    powerpack (0.1.1)
    prettybacon (0.0.2)
      bacon (~> 1.2)
    rack (1.6.5)
    rack-attack (4.3.1)
      rack
    rack-protection (1.5.3)
      rack
    rack-ssl (1.4.1)
      rack
    rack-test (0.6.3)
      rack (>= 1.0)
    rainbow (2.1.0)
    rake (11.3.0)
    rb-fsevent (0.9.8)
    rb-inotify (0.9.7)
      ffi (>= 0.5.0)
    rb-kqueue (0.2.4)
      ffi (>= 0.5.0)
    rfc-822 (0.4.1)
    rubocop (0.34.2)
      astrolabe (~> 1.3)
      parser (>= 2.2.2.5, < 3.0)
      powerpack (~> 0.1)
      rainbow (>= 1.99.1, < 3.0)
      ruby-progressbar (~> 1.4)
    ruby-progressbar (1.8.1)
    rugged (0.24.0)
    saga (0.11.1)
      activesupport (>= 2.3)
      erubis (>= 2.6)
    sass (3.4.22)
    sequel (4.41.0)
    sinatra (1.4.7)
      rack (~> 1.5)
      rack-protection (~> 1.4)
      tilt (>= 1.3, < 3)
    sinatra-contrib (1.4.7)
      backports (>= 2.0)
      multi_json
      rack-protection
      rack-test
      sinatra (~> 1.4.0)
      tilt (>= 1.3, < 3)
    sinatra-twitter-bootstrap (2.3.4)
    slim (1.3.9)
      temple (~> 0.6.3)
      tilt (~> 1.3, >= 1.3.3)
    temple (0.6.10)
    terminal-table (1.7.3)
      unicode-display_width (~> 1.1.1)
    thin (1.7.0)
      daemons (~> 1.0, >= 1.0.9)
      eventmachine (~> 1.0, >= 1.0.4)
      rack (>= 1, < 3)
    thor (0.19.4)
    thread_safe (0.3.5)
    tilt (1.4.1)
    tobias-sinatra-url-for (0.2.1)
      sinatra (>= 0.9.1.1)
    tzinfo (1.2.2)
      thread_safe (~> 0.1)
    unicode-display_width (1.1.1)

PLATFORMS
  ruby

DEPENDENCIES
  activesupport (< 5)
  bacon
  cocoapods-core (>= 1.0.0.beta.3)
  dalli (~> 2.7.5)
  foreman
  json (~> 1.8)
  kicker
  mail
  mocha-on-bacon
  newrelic_rpm
  nokogiri
  peiji-san!
  pg
  prettybacon
  rack-attack (~> 4.3.1)
  rack-ssl
  rack-test
  rake
  rfc-822
  rubocop (= 0.34.2)
  rugged
  saga
  sass
  sequel
  sinatra
  sinatra-contrib
  sinatra-twitter-bootstrap
  slim (< 2.0)
  terminal-table
  thin
  tobias-sinatra-url-for

RUBY VERSION
   ruby 2.1.3p242

BUNDLED WITH
   1.13.6
